PATH
  remote: .
  specs:
    net-dns (0.6.1)

GEM
  remote: http://rubygems.org/
  specs:

PLATFORMS
  ruby

DEPENDENCIES
  net-dns!
